PATH
  remote: .
  specs:
    rb-fsevent (0.1.1)
      ffi (~> 0.6.3)

GEM
  remote: http://rubygems.org/
  specs:
    ffi (0.6.3)
      rake (>= 0.8.7)
    rake (0.8.7)

PLATFORMS
  ruby

DEPENDENCIES
  ffi (~> 0.6.3)
  rb-fsevent!
